GEM
  remote: https://rubygems.org/
  specs:
    benchmark (0.2.1)
    dotenv (3.1.0)
    ffi (1.16.3)
    sys-cpu (1.0.6)
      ffi (~> 1.1)
    sys-proctable (1.3.0)
      ffi (~> 1.1)
    yaml (0.3.0)

PLATFORMS
  x64-mingw-ucrt
  x64-mingw32

DEPENDENCIES
  benchmark
  dotenv
  sys-cpu
  sys-proctable
  yaml

RUBY VERSION
   ruby 3.2.2p53

BUNDLED WITH
   2.4.10
